GEM
  remote: https://rubygems.org/
  specs:
    ruby-prof (1.1.0)
    ruby2d (0.9.2)

PLATFORMS
  ruby

DEPENDENCIES
  ruby-prof (= 1.1.0)
  ruby2d (= 0.9.2)

BUNDLED WITH
   1.17.2
